GEM
  remote: http://rubygems.org/
  specs:
    addressable (2.2.6)
    classifier (1.3.3)
      fast-stemmer (>= 1.0.0)
    directory_watcher (1.3.2)
    fast-stemmer (1.0.0)
    jekyll (0.10.0)
      classifier (>= 1.3.1)
      directory_watcher (>= 1.1.1)
      liquid (>= 1.9.0)
      maruku (>= 0.5.9)
    kramdown (0.13.2)
    launchy (2.0.5)
      addressable (~> 2.2.6)
    liquid (2.2.2)
    maruku (0.6.0)
      syntax (>= 1.0.0)
    rake (0.8.7)
    sass (3.1.5)
    syntax (1.0.0)

PLATFORMS
  ruby

DEPENDENCIES
  jekyll
  kramdown
  launchy
  rake
  sass
